GEM
  remote: https://rubygems.org/
  specs:
    mixlib-shellout (1.3.0)
    riot (0.12.7)
      rr
    rr (1.1.2)

PLATFORMS
  ruby

DEPENDENCIES
  mixlib-shellout
  riot
