GEM
  remote: https://rubygems.org/
  specs:
    little-plugger (1.1.3)
    logging (1.8.1)
      little-plugger (>= 1.1.3)
      multi_json (>= 1.3.6)
    mixlib-shellout (1.3.0)
    multi_json (1.8.2)
    os (0.9.6)
    ptools (1.2.2)
    riot (0.12.7)
      rr
    rr (1.1.2)

PLATFORMS
  ruby

DEPENDENCIES
  logging
  mixlib-shellout
  os
  ptools
  riot
